GEM
  remote: http://www.rubygems.org/
  specs:
    curb (0.8.5)
    json (1.8.1)
    thor (0.19.1)

PLATFORMS
  ruby

DEPENDENCIES
  curb
  json
  thor
